GIT
  remote: git://github.com/bcurren/freshbooks.rb
  revision: a6d97ffda3e940e143aee862bae5fa280aa8ca94
  specs:
    bcurren-freshbooks.rb (3.0.23)
      activesupport

GEM
  remote: http://rubygems.org/
  specs:
    abstract (1.0.0)
    actionmailer (3.0.9.rc3)
      actionpack (= 3.0.9.rc3)
      mail (~> 2.2.19)
    actionpack (3.0.9.rc3)
      activemodel (= 3.0.9.rc3)
      activesupport (= 3.0.9.rc3)
      builder (~> 2.1.2)
      erubis (~> 2.6.6)
      i18n (~> 0.5.0)
      rack (~> 1.2.1)
      rack-mount (~> 0.6.14)
      rack-test (~> 0.5.7)
      tzinfo (~> 0.3.23)
    activemodel (3.0.9.rc3)
      activesupport (= 3.0.9.rc3)
      builder (~> 2.1.2)
      i18n (~> 0.5.0)
    activerecord (3.0.9.rc3)
      activemodel (= 3.0.9.rc3)
      activesupport (= 3.0.9.rc3)
      arel (~> 2.0.10)
      tzinfo (~> 0.3.23)
    activeresource (3.0.9.rc3)
      activemodel (= 3.0.9.rc3)
      activesupport (= 3.0.9.rc3)
    activesupport (3.0.9.rc3)
    arel (2.0.10)
    builder (2.1.2)
    configuration (1.2.0)
    crack (0.1.8)
    erubis (2.6.6)
      abstract (>= 1.0.0)
    heroku (2.3.0)
      launchy (>= 0.3.2)
      rest-client (~> 1.6.1)
      term-ansicolor (~> 1.0.5)
    hoe (1.5.3)
      rake (>= 0.8.1)
      rubyforge (>= 1.0.0)
    httparty (0.7.8)
      crack (= 0.1.8)
    i18n (0.5.0)
    jquery-rails (1.0.11)
      railties (~> 3.0)
      thor (~> 0.14)
    json_pure (1.5.2)
    launchy (0.4.0)
      configuration (>= 0.0.5)
      rake (>= 0.8.1)
    mail (2.2.19)
      activesupport (>= 2.3.6)
      i18n (>= 0.4.0)
      mime-types (~> 1.16)
      treetop (~> 1.4.8)
    mime-types (1.16)
    polyglot (0.3.1)
    rack (1.2.3)
    rack-mount (0.6.14)
      rack (>= 1.0.0)
    rack-test (0.5.7)
      rack (>= 1.0)
    rails (3.0.9.rc3)
      actionmailer (= 3.0.9.rc3)
      actionpack (= 3.0.9.rc3)
      activerecord (= 3.0.9.rc3)
      activeresource (= 3.0.9.rc3)
      activesupport (= 3.0.9.rc3)
      bundler (~> 1.0)
      railties (= 3.0.9.rc3)
    railties (3.0.9.rc3)
      actionpack (= 3.0.9.rc3)
      activesupport (= 3.0.9.rc3)
      rake (>= 0.8.7)
      rdoc (~> 3.4)
      thor (~> 0.14.4)
    rake (0.8.7)
    rdoc (3.6.1)
    rest-client (1.6.3)
      mime-types (>= 1.16)
    rubyforge (2.0.4)
      json_pure (>= 1.1.7)
    sqlite3 (1.3.3)
    term-ansicolor (1.0.5)
    thor (0.14.6)
    treetop (1.4.9)
      polyglot (>= 0.3.1)
    twilio (3.0.1)
      builder (~> 2.1.2)
      httparty (~> 0.7.4)
    tzinfo (0.3.28)

PLATFORMS
  ruby

DEPENDENCIES
  bcurren-freshbooks.rb!
  heroku
  hoe (~> 1.5.1)
  jquery-rails
  rails (= 3.0.9rc3)
  rake (= 0.8.7)
  sqlite3
  twilio
